GEM
  remote: https://rubygems.org/
  specs:
    actionmailer (4.0.13)
      actionpack (= 4.0.13)
      mail (~> 2.5, >= 2.5.4)
    actionpack (4.0.13)
      activesupport (= 4.0.13)
      builder (~> 3.1.0)
      erubis (~> 2.7.0)
      rack (~> 1.5.2)
      rack-test (~> 0.6.2)
    activemodel (4.0.13)
      activesupport (= 4.0.13)
      builder (~> 3.1.0)
    activerecord (4.0.13)
      activemodel (= 4.0.13)
      activerecord-deprecated_finders (~> 1.0.2)
      activesupport (= 4.0.13)
      arel (~> 4.0.0)
    activerecord-deprecated_finders (1.0.4)
    activesupport (4.0.13)
      i18n (~> 0.6, >= 0.6.9)
      minitest (~> 4.2)
      multi_json (~> 1.3)
      thread_safe (~> 0.1)
      tzinfo (~> 0.3.37)
    arel (4.0.2)
    builder (3.1.4)
    concurrent-ruby (1.1.6)
    diff-lcs (1.1.3)
    erubis (2.7.0)
    gettext (3.2.9)
      locale (>= 2.0.5)
      text (>= 1.3.0)
    gettext_activerecord (2.1.0)
      activerecord (>= 2.3.2)
      gettext (>= 2.1.0)
    gettext_rails (2.1.0)
      gettext_activerecord (>= 2.1.0)
      locale_rails (>= 2.0.5)
      rails (>= 2.3.2)
    i18n (0.9.5)
      concurrent-ruby (~> 1.0)
    locale (2.1.3)
    locale_rails (2.0.5)
      locale (>= 2.0.5)
    mail (2.7.1)
      mini_mime (>= 0.1.1)
    mini_mime (1.0.2)
    minitest (4.7.5)
    multi_json (1.14.1)
    mysql (2.9.1)
    rack (1.5.5)
    rack-test (0.6.3)
      rack (>= 1.0)
    rails (4.0.13)
      actionmailer (= 4.0.13)
      actionpack (= 4.0.13)
      activerecord (= 4.0.13)
      activesupport (= 4.0.13)
      bundler (>= 1.3.0, < 2.0)
      railties (= 4.0.13)
      sprockets-rails (~> 2.0)
    railties (4.0.13)
      actionpack (= 4.0.13)
      activesupport (= 4.0.13)
      rake (>= 0.8.7)
      thor (>= 0.18.1, < 2.0)
    rake (0.8.7)
    rspec (2.7.0)
      rspec-core (~> 2.7.0)
      rspec-expectations (~> 2.7.0)
      rspec-mocks (~> 2.7.0)
    rspec-core (2.7.1)
    rspec-expectations (2.7.0)
      diff-lcs (~> 1.1.2)
    rspec-mocks (2.7.0)
    sprockets (3.7.2)
      concurrent-ruby (~> 1.0)
      rack (> 1, < 3)
    sprockets-rails (2.3.3)
      actionpack (>= 3.0)
      activesupport (>= 3.0)
      sprockets (>= 2.8, < 4.0)
    text (1.3.1)
    thor (1.0.1)
    thread_safe (0.3.6)
    tzinfo (0.3.56)
    will_paginate (2.3.15)

PLATFORMS
  ruby

DEPENDENCIES
  gettext
  gettext_activerecord (= 2.1.0)
  gettext_rails (= 2.1.0)
  locale
  locale_rails (= 2.0.5)
  mysql
  rails (~> 4.0.0)
  rake (= 0.8.7)
  rspec (= 2.7.0)
  will_paginate (= 2.3.15)

BUNDLED WITH
   1.17.3
